GIT
  remote: https://github.com/chef/omnibus-software.git
  revision: 68f693d43977a30df7a3a25a705aa061205e91fd
  specs:
    omnibus-software (4.0.0)
      omnibus (>= 8.0.0)

GEM
  remote: https://rubygems.org/
  specs:
    addressable (2.7.0)
      public_suffix (>= 2.0.2, < 5.0)
    awesome_print (1.9.2)
    aws-eventstream (1.1.1)
    aws-partitions (1.468.0)
    aws-sdk-core (3.114.3)
      aws-eventstream (~> 1, >= 1.0.2)
      aws-partitions (~> 1, >= 1.239.0)
      aws-sigv4 (~> 1.1)
      jmespath (~> 1.0)
    aws-sdk-kms (1.44.0)
      aws-sdk-core (~> 3, >= 3.112.0)
      aws-sigv4 (~> 1.1)
    aws-sdk-s3 (1.96.1)
      aws-sdk-core (~> 3, >= 3.112.0)
      aws-sdk-kms (~> 1)
      aws-sigv4 (~> 1.1)
    aws-sigv4 (1.2.3)
      aws-eventstream (~> 1, >= 1.0.2)
    chef-cleanroom (1.0.2)
    chef-config (17.2.29)
      addressable
      chef-utils (= 17.2.29)
      fuzzyurl
      mixlib-config (>= 2.2.12, < 4.0)
      mixlib-shellout (>= 2.0, < 4.0)
      tomlrb (~> 1.2)
    chef-utils (17.2.29)
      concurrent-ruby
    citrus (3.0.2)
    concurrent-ruby (1.1.9)
    ffi (1.15.3)
    ffi-yajl (2.4.0)
      libyajl2 (>= 1.2)
    fuzzyurl (0.9.0)
    iostruct (0.0.4)
    ipaddress (0.8.3)
    jmespath (1.4.0)
    json (2.5.1)
    libyajl2 (2.1.0)
    license_scout (1.2.12)
      ffi-yajl (~> 2.2)
      mixlib-shellout (>= 2.2, < 4.0)
      toml-rb (>= 1, < 3)
    mixlib-cli (2.1.8)
    mixlib-config (3.0.9)
      tomlrb
    mixlib-log (3.0.9)
    mixlib-shellout (3.2.5)
      chef-utils
    mixlib-versioning (1.2.12)
    multipart-post (2.1.1)
    net-scp (3.0.0)
      net-ssh (>= 2.6.5, < 7.0.0)
    net-ssh (6.1.0)
    ohai (17.1.0)
      chef-config (>= 14.12, < 18)
      chef-utils (>= 16.0, < 18)
      ffi (~> 1.9)
      ffi-yajl (~> 2.2)
      ipaddress
      mixlib-cli (>= 1.7.0)
      mixlib-config (>= 2.0, < 4.0)
      mixlib-log (>= 2.0.1, < 4.0)
      mixlib-shellout (~> 3.2, >= 3.2.5)
      plist (~> 3.1)
      train-core
      wmi-lite (~> 1.0)
    omnibus (8.0.15)
      aws-sdk-s3 (~> 1)
      chef-cleanroom (~> 1.0)
      chef-utils (>= 15.4)
      ffi-yajl (~> 2.2)
      license_scout (~> 1.0)
      mixlib-shellout (>= 2.0, < 4.0)
      mixlib-versioning
      ohai (>= 15)
      pedump
      ruby-progressbar (~> 1.7)
      thor (>= 0.18, < 2.0)
    pedump (0.6.2)
      awesome_print
      iostruct (>= 0.0.4)
      multipart-post (>= 2.0.0)
      rainbow
      zhexdump (>= 0.0.2)
    plist (3.6.0)
    public_suffix (4.0.6)
    rainbow (3.0.0)
    ruby-progressbar (1.11.0)
    thor (1.1.0)
    toml-rb (2.0.1)
      citrus (~> 3.0, > 3.0)
    tomlrb (1.3.0)
    train-core (3.7.2)
      addressable (~> 2.5)
      ffi (!= 1.13.0)
      json (>= 1.8, < 3.0)
      mixlib-shellout (>= 2.0, < 4.0)
      net-scp (>= 1.2, < 4.0)
      net-ssh (>= 2.9, < 7.0)
    wmi-lite (1.0.5)
    zhexdump (0.0.2)

PLATFORMS
  ruby

DEPENDENCIES
  omnibus (~> 8.0)
  omnibus-software!

BUNDLED WITH
   2.1.4
